GEM
  remote: http://rubygems.org/
  specs:
    addressable (2.2.6)
    awesome_print (1.0.2)
    bacon (1.1.0)
    coffee-script (2.2.0)
      coffee-script-source
      execjs
    coffee-script-source (1.2.0)
    daemons (1.1.5)
    diff-lcs (1.1.3)
    em-spec (0.2.6)
      bacon
      eventmachine
      rspec (> 2.6.0)
      test-unit
    em-websocket (0.3.6)
      addressable (>= 2.1.1)
      eventmachine (>= 0.12.9)
    em-websocket-client (0.1.1)
      eventmachine
      libwebsocket
    eventmachine (0.12.10)
    execjs (1.2.13)
      multi_json (~> 1.0)
    ffi (1.0.11)
    growl (1.0.3)
    guard (0.10.0)
      ffi (>= 0.5.0)
      thor (~> 0.14.6)
    guard-coffeescript (0.5.4)
      coffee-script (>= 2.2.0)
      guard (>= 0.8.3)
    json (1.6.4)
    libwebsocket (0.1.1)
    multi_json (1.0.4)
    rack (1.4.0)
    rb-fsevent (0.4.3.1)
    rspec (2.8.0)
      rspec-core (~> 2.8.0)
      rspec-expectations (~> 2.8.0)
      rspec-mocks (~> 2.8.0)
    rspec-core (2.8.0)
    rspec-expectations (2.8.0)
      diff-lcs (~> 1.1.2)
    rspec-mocks (2.8.0)
    spork (0.9.0.rc9)
    test-unit (2.4.4)
    thin (1.3.1)
      daemons (>= 1.0.9)
      eventmachine (>= 0.12.6)
      rack (>= 1.0.0)
    thor (0.14.6)

PLATFORMS
  ruby

DEPENDENCIES
  awesome_print
  em-spec
  em-websocket
  em-websocket-client
  eventmachine
  growl
  guard
  guard-coffeescript
  json
  rb-fsevent
  rspec
  spork (~> 0.9.0.rc)
  thin
